RESTRICTION: >= net461
NUGET
  remote: https://www.nuget.org/api/v2
    FAKE (4.64.3)
    FSharp.Core (4.2.3)
    Giraffe (0.1.0-beta-700)
      FSharp.Core (>= 4.2.3)
      Giraffe.Tasks (>= 0.1.0-beta-010)
      Microsoft.AspNetCore.Authentication (>= 2.0.1)
      Microsoft.AspNetCore.Diagnostics (>= 2.0.1)
      Microsoft.AspNetCore.Hosting.Abstractions (>= 2.0.1)
      Newtonsoft.Json (>= 10.0.3)
      System.Text.RegularExpressions (>= 4.3)
      System.ValueTuple (>= 4.4)
      System.Xml.XmlSerializer (>= 4.3)
    Giraffe.Tasks (0.1.0-beta-010)
      FSharp.Core (>= 4.2.3)
      System.ValueTuple (>= 4.4)
    Libuv (1.10) - restriction: && (>= net461) (>= netstandard2.0)
      Microsoft.NETCore.Platforms (>= 1.0.1)
    Microsoft.AspNetCore (2.0.1)
      Microsoft.AspNetCore.Diagnostics (>= 2.0.1) - restriction: && (>= net461) (>= netstandard2.0)
      Microsoft.AspNetCore.Hosting (>= 2.0.1) - restriction: && (>= net461) (>= netstandard2.0)
      Microsoft.AspNetCore.Routing (>= 2.0.1) - restriction: && (>= net461) (>= netstandard2.0)
      Microsoft.AspNetCore.Server.IISIntegration (>= 2.0.1) - restriction: && (>= net461) (>= netstandard2.0)
      Microsoft.AspNetCore.Server.Kestrel (>= 2.0.1) - restriction: && (>= net461) (>= netstandard2.0)
      Microsoft.AspNetCore.Server.Kestrel.Https (>= 2.0.1) - restriction: && (>= net461) (>= netstandard2.0)
      Microsoft.Extensions.Configuration.CommandLine (>= 2.0) - restriction: && (>= net461) (>= netstandard2.0)
      Microsoft.Extensions.Configuration.EnvironmentVariables (>= 2.0) - restriction: && (>= net461) (>= netstandard2.0)
      Microsoft.Extensions.Configuration.FileExtensions (>= 2.0) - restriction: && (>= net461) (>= netstandard2.0)
      Microsoft.Extensions.Configuration.Json (>= 2.0) - restriction: && (>= net461) (>= netstandard2.0)
      Microsoft.Extensions.Configuration.UserSecrets (>= 2.0) - restriction: && (>= net461) (>= netstandard2.0)
      Microsoft.Extensions.Logging (>= 2.0) - restriction: && (>= net461) (>= netstandard2.0)
      Microsoft.Extensions.Logging.Configuration (>= 2.0) - restriction: && (>= net461) (>= netstandard2.0)
      Microsoft.Extensions.Logging.Console (>= 2.0) - restriction: && (>= net461) (>= netstandard2.0)
      Microsoft.Extensions.Logging.Debug (>= 2.0) - restriction: && (>= net461) (>= netstandard2.0)
    Microsoft.AspNetCore.Authentication (2.0.1)
      Microsoft.AspNetCore.Authentication.Core (>= 2.0.1) - restriction: && (>= net461) (>= netstandard2.0)
      Microsoft.AspNetCore.DataProtection (>= 2.0.1) - restriction: && (>= net461) (>= netstandard2.0)
      Microsoft.AspNetCore.Http (>= 2.0.1) - restriction: && (>= net461) (>= netstandard2.0)
      Microsoft.AspNetCore.Http.Extensions (>= 2.0.1) - restriction: && (>= net461) (>= netstandard2.0)
      Microsoft.Extensions.Logging.Abstractions (>= 2.0) - restriction: && (>= net461) (>= netstandard2.0)
      Microsoft.Extensions.Options (>= 2.0) - restriction: && (>= net461) (>= netstandard2.0)
      Microsoft.Extensions.WebEncoders (>= 2.0) - restriction: && (>= net461) (>= netstandard2.0)
    Microsoft.AspNetCore.Authentication.Abstractions (2.0.1) - restriction: && (>= net461) (>= netstandard2.0)
      Microsoft.AspNetCore.Http.Abstractions (>= 2.0.1) - restriction: && (>= net461) (>= netstandard2.0)
      Microsoft.Extensions.Logging.Abstractions (>= 2.0) - restriction: && (>= net461) (>= netstandard2.0)
      Microsoft.Extensions.Options (>= 2.0) - restriction: && (>= net461) (>= netstandard2.0)
    Microsoft.AspNetCore.Authentication.Core (2.0.1) - restriction: && (>= net461) (>= netstandard2.0)
      Microsoft.AspNetCore.Authentication.Abstractions (>= 2.0.1) - restriction: && (>= net461) (>= netstandard2.0)
      Microsoft.AspNetCore.Http (>= 2.0.1) - restriction: && (>= net461) (>= netstandard2.0)
      Microsoft.AspNetCore.Http.Extensions (>= 2.0.1) - restriction: && (>= net461) (>= netstandard2.0)
    Microsoft.AspNetCore.Cryptography.Internal (2.0.1) - restriction: && (>= net461) (>= netstandard2.0)
    Microsoft.AspNetCore.DataProtection (2.0.1) - restriction: && (>= net461) (>= netstandard2.0)
      Microsoft.AspNetCore.Cryptography.Internal (>= 2.0.1) - restriction: && (>= net461) (>= netstandard2.0)
      Microsoft.AspNetCore.DataProtection.Abstractions (>= 2.0.1) - restriction: && (>= net461) (>= netstandard2.0)
      Microsoft.AspNetCore.Hosting.Abstractions (>= 2.0.1) - restriction: && (>= net461) (>= netstandard2.0)
      Microsoft.Extensions.DependencyInjection.Abstractions (>= 2.0) - restriction: && (>= net461) (>= netstandard2.0)
      Microsoft.Extensions.Logging.Abstractions (>= 2.0) - restriction: && (>= net461) (>= netstandard2.0)
      Microsoft.Extensions.Options (>= 2.0) - restriction: && (>= net461) (>= netstandard2.0)
      Microsoft.Win32.Registry (>= 4.4) - restriction: && (>= net461) (>= netstandard2.0)
      System.Security.Cryptography.Xml (>= 4.4) - restriction: && (>= net461) (>= netstandard2.0)
    Microsoft.AspNetCore.DataProtection.Abstractions (2.0.1) - restriction: && (>= net461) (>= netstandard2.0)
    Microsoft.AspNetCore.Diagnostics (2.0.1)
      Microsoft.AspNetCore.Diagnostics.Abstractions (>= 2.0.1) - restriction: && (>= net461) (>= netstandard2.0)
      Microsoft.AspNetCore.Hosting.Abstractions (>= 2.0.1) - restriction: && (>= net461) (>= netstandard2.0)
      Microsoft.AspNetCore.Http.Extensions (>= 2.0.1) - restriction: && (>= net461) (>= netstandard2.0)
      Microsoft.AspNetCore.WebUtilities (>= 2.0.1) - restriction: && (>= net461) (>= netstandard2.0)
      Microsoft.Extensions.FileProviders.Physical (>= 2.0) - restriction: && (>= net461) (>= netstandard2.0)
      Microsoft.Extensions.Logging.Abstractions (>= 2.0) - restriction: && (>= net461) (>= netstandard2.0)
      Microsoft.Extensions.Options (>= 2.0) - restriction: && (>= net461) (>= netstandard2.0)
      System.Diagnostics.DiagnosticSource (>= 4.4.1) - restriction: && (>= net461) (>= netstandard2.0)
      System.Reflection.Metadata (>= 1.5) - restriction: && (>= net461) (>= netstandard2.0)
    Microsoft.AspNetCore.Diagnostics.Abstractions (2.0.1) - restriction: && (>= net461) (>= netstandard2.0)
    Microsoft.AspNetCore.Hosting (2.0.1) - restriction: && (>= net461) (>= netstandard2.0)
      Microsoft.AspNetCore.Hosting.Abstractions (>= 2.0.1) - restriction: && (>= net461) (>= netstandard2.0)
      Microsoft.AspNetCore.Hosting.Server.Abstractions (>= 2.0.1) - restriction: && (>= net461) (>= netstandard2.0)
      Microsoft.AspNetCore.Http (>= 2.0.1) - restriction: && (>= net461) (>= netstandard2.0)
      Microsoft.AspNetCore.Http.Extensions (>= 2.0.1) - restriction: && (>= net461) (>= netstandard2.0)
      Microsoft.Extensions.Configuration (>= 2.0) - restriction: && (>= net461) (>= netstandard2.0)
      Microsoft.Extensions.Configuration.EnvironmentVariables (>= 2.0) - restriction: && (>= net461) (>= netstandard2.0)
      Microsoft.Extensions.Configuration.FileExtensions (>= 2.0) - restriction: && (>= net461) (>= netstandard2.0)
      Microsoft.Extensions.DependencyInjection (>= 2.0) - restriction: && (>= net461) (>= netstandard2.0)
      Microsoft.Extensions.FileProviders.Physical (>= 2.0) - restriction: && (>= net461) (>= netstandard2.0)
      Microsoft.Extensions.Logging (>= 2.0) - restriction: && (>= net461) (>= netstandard2.0)
      Microsoft.Extensions.Options (>= 2.0) - restriction: && (>= net461) (>= netstandard2.0)
      System.Diagnostics.DiagnosticSource (>= 4.4.1) - restriction: && (>= net461) (>= netstandard2.0)
      System.Reflection.Metadata (>= 1.5) - restriction: && (>= net461) (>= netstandard2.0)
    Microsoft.AspNetCore.Hosting.Abstractions (2.0.1)
      Microsoft.AspNetCore.Hosting.Server.Abstractions (>= 2.0.1) - restriction: && (>= net461) (>= netstandard2.0)
      Microsoft.AspNetCore.Http.Abstractions (>= 2.0.1) - restriction: && (>= net461) (>= netstandard2.0)
      Microsoft.Extensions.Configuration.Abstractions (>= 2.0) - restriction: && (>= net461) (>= netstandard2.0)
      Microsoft.Extensions.DependencyInjection.Abstractions (>= 2.0) - restriction: && (>= net461) (>= netstandard2.0)
      Microsoft.Extensions.FileProviders.Abstractions (>= 2.0) - restriction: && (>= net461) (>= netstandard2.0)
      Microsoft.Extensions.Hosting.Abstractions (>= 2.0.1) - restriction: && (>= net461) (>= netstandard2.0)
      Microsoft.Extensions.Logging.Abstractions (>= 2.0) - restriction: && (>= net461) (>= netstandard2.0)
    Microsoft.AspNetCore.Hosting.Server.Abstractions (2.0.1) - restriction: && (>= net461) (>= netstandard2.0)
      Microsoft.AspNetCore.Http.Features (>= 2.0.1) - restriction: && (>= net461) (>= netstandard2.0)
      Microsoft.Extensions.Configuration.Abstractions (>= 2.0) - restriction: && (>= net461) (>= netstandard2.0)
    Microsoft.AspNetCore.Http (2.0.1) - restriction: && (>= net461) (>= netstandard2.0)
      Microsoft.AspNetCore.Http.Abstractions (>= 2.0.1) - restriction: && (>= net461) (>= netstandard2.0)
      Microsoft.AspNetCore.WebUtilities (>= 2.0.1) - restriction: && (>= net461) (>= netstandard2.0)
      Microsoft.Extensions.ObjectPool (>= 2.0) - restriction: && (>= net461) (>= netstandard2.0)
      Microsoft.Extensions.Options (>= 2.0) - restriction: && (>= net461) (>= netstandard2.0)
      Microsoft.Net.Http.Headers (>= 2.0.1) - restriction: && (>= net461) (>= netstandard2.0)
    Microsoft.AspNetCore.Http.Abstractions (2.0.1) - restriction: && (>= net461) (>= netstandard2.0)
      Microsoft.AspNetCore.Http.Features (>= 2.0.1) - restriction: && (>= net461) (>= netstandard2.0)
      System.Text.Encodings.Web (>= 4.4) - restriction: && (>= net461) (>= netstandard2.0)
    Microsoft.AspNetCore.Http.Extensions (2.0.1) - restriction: && (>= net461) (>= netstandard2.0)
      Microsoft.AspNetCore.Http.Abstractions (>= 2.0.1) - restriction: && (>= net461) (>= netstandard2.0)
      Microsoft.Extensions.FileProviders.Abstractions (>= 2.0) - restriction: && (>= net461) (>= netstandard2.0)
      Microsoft.Net.Http.Headers (>= 2.0.1) - restriction: && (>= net461) (>= netstandard2.0)
      System.Buffers (>= 4.4) - restriction: && (>= net461) (>= netstandard2.0)
    Microsoft.AspNetCore.Http.Features (2.0.1) - restriction: && (>= net461) (>= netstandard2.0)
      Microsoft.Extensions.Primitives (>= 2.0) - restriction: && (>= net461) (>= netstandard2.0)
    Microsoft.AspNetCore.HttpOverrides (2.0.1) - restriction: && (>= net461) (>= netstandard2.0)
      Microsoft.AspNetCore.Http.Extensions (>= 2.0.1) - restriction: && (>= net461) (>= netstandard2.0)
      Microsoft.Extensions.Logging.Abstractions (>= 2.0) - restriction: && (>= net461) (>= netstandard2.0)
      Microsoft.Extensions.Options (>= 2.0) - restriction: && (>= net461) (>= netstandard2.0)
    Microsoft.AspNetCore.Routing (2.0.1) - restriction: && (>= net461) (>= netstandard2.0)
      Microsoft.AspNetCore.Http.Extensions (>= 2.0.1) - restriction: && (>= net461) (>= netstandard2.0)
      Microsoft.AspNetCore.Routing.Abstractions (>= 2.0.1) - restriction: && (>= net461) (>= netstandard2.0)
      Microsoft.Extensions.Logging.Abstractions (>= 2.0) - restriction: && (>= net461) (>= netstandard2.0)
      Microsoft.Extensions.ObjectPool (>= 2.0) - restriction: && (>= net461) (>= netstandard2.0)
      Microsoft.Extensions.Options (>= 2.0) - restriction: && (>= net461) (>= netstandard2.0)
    Microsoft.AspNetCore.Routing.Abstractions (2.0.1) - restriction: && (>= net461) (>= netstandard2.0)
      Microsoft.AspNetCore.Http.Abstractions (>= 2.0.1) - restriction: && (>= net461) (>= netstandard2.0)
    Microsoft.AspNetCore.Server.IISIntegration (2.0.1) - restriction: && (>= net461) (>= netstandard2.0)
      Microsoft.AspNetCore.Authentication.Core (>= 2.0.1) - restriction: && (>= net461) (>= netstandard2.0)
      Microsoft.AspNetCore.Hosting.Abstractions (>= 2.0.1) - restriction: && (>= net461) (>= netstandard2.0)
      Microsoft.AspNetCore.Http (>= 2.0.1) - restriction: && (>= net461) (>= netstandard2.0)
      Microsoft.AspNetCore.Http.Extensions (>= 2.0.1) - restriction: && (>= net461) (>= netstandard2.0)
      Microsoft.AspNetCore.HttpOverrides (>= 2.0.1) - restriction: && (>= net461) (>= netstandard2.0)
      Microsoft.Extensions.Logging.Abstractions (>= 2.0) - restriction: && (>= net461) (>= netstandard2.0)
      Microsoft.Extensions.Options (>= 2.0) - restriction: && (>= net461) (>= netstandard2.0)
      System.Security.Principal.Windows (>= 4.4) - restriction: && (>= net461) (>= netstandard2.0)
    Microsoft.AspNetCore.Server.Kestrel (2.0.1) - restriction: && (>= net461) (>= netstandard2.0)
      Microsoft.AspNetCore.Hosting (>= 2.0.1) - restriction: && (>= net461) (>= netstandard2.0)
      Microsoft.AspNetCore.Server.Kestrel.Core (>= 2.0.1) - restriction: && (>= net461) (>= netstandard2.0)
      Microsoft.AspNetCore.Server.Kestrel.Transport.Libuv (>= 2.0.1) - restriction: && (>= net461) (>= netstandard2.0)
    Microsoft.AspNetCore.Server.Kestrel.Core (2.0.1) - restriction: && (>= net461) (>= netstandard2.0)
      Microsoft.AspNetCore.Hosting.Abstractions (>= 2.0.1) - restriction: && (>= net461) (>= netstandard2.0)
      Microsoft.AspNetCore.Server.Kestrel.Transport.Abstractions (>= 2.0.1) - restriction: && (>= net461) (>= netstandard2.0)
      Microsoft.AspNetCore.WebUtilities (>= 2.0.1) - restriction: && (>= net461) (>= netstandard2.0)
      Microsoft.Extensions.Logging.Abstractions (>= 2.0) - restriction: && (>= net461) (>= netstandard2.0)
      Microsoft.Extensions.Options (>= 2.0) - restriction: && (>= net461) (>= netstandard2.0)
      Microsoft.Net.Http.Headers (>= 2.0.1) - restriction: && (>= net461) (>= netstandard2.0)
      System.Threading.Tasks.Extensions (>= 4.4) - restriction: && (>= net461) (>= netstandard2.0)
    Microsoft.AspNetCore.Server.Kestrel.Https (2.0.1) - restriction: && (>= net461) (>= netstandard2.0)
      Microsoft.AspNetCore.Http.Abstractions (>= 2.0.1) - restriction: && (>= net461) (>= netstandard2.0)
      Microsoft.AspNetCore.Server.Kestrel.Core (>= 2.0.1) - restriction: && (>= net461) (>= netstandard2.0)
    Microsoft.AspNetCore.Server.Kestrel.Transport.Abstractions (2.0.1) - restriction: && (>= net461) (>= netstandard2.0)
      Microsoft.AspNetCore.Http.Features (>= 2.0.1) - restriction: && (>= net461) (>= netstandard2.0)
      System.Buffers (>= 4.4) - restriction: && (>= net461) (>= netstandard2.0)
      System.Numerics.Vectors (>= 4.4) - restriction: && (>= net461) (>= netstandard2.0)
    Microsoft.AspNetCore.Server.Kestrel.Transport.Libuv (2.0.1) - restriction: && (>= net461) (>= netstandard2.0)
      Libuv (>= 1.10) - restriction: && (>= net461) (>= netstandard2.0)
      Microsoft.AspNetCore.Hosting.Abstractions (>= 2.0.1) - restriction: && (>= net461) (>= netstandard2.0)
      Microsoft.AspNetCore.Server.Kestrel.Transport.Abstractions (>= 2.0.1) - restriction: && (>= net461) (>= netstandard2.0)
      Microsoft.Extensions.Logging.Abstractions (>= 2.0) - restriction: && (>= net461) (>= netstandard2.0)
      Microsoft.Extensions.Options (>= 2.0) - restriction: && (>= net461) (>= netstandard2.0)
    Microsoft.AspNetCore.Session (2.0.1)
      Microsoft.AspNetCore.DataProtection (>= 2.0.1) - restriction: && (>= net461) (>= netstandard2.0)
      Microsoft.AspNetCore.Http.Abstractions (>= 2.0.1) - restriction: && (>= net461) (>= netstandard2.0)
      Microsoft.Extensions.Caching.Abstractions (>= 2.0) - restriction: && (>= net461) (>= netstandard2.0)
      Microsoft.Extensions.Logging.Abstractions (>= 2.0) - restriction: && (>= net461) (>= netstandard2.0)
      Microsoft.Extensions.Options (>= 2.0) - restriction: && (>= net461) (>= netstandard2.0)
    Microsoft.AspNetCore.WebUtilities (2.0.1) - restriction: && (>= net461) (>= netstandard2.0)
      Microsoft.Net.Http.Headers (>= 2.0.1) - restriction: && (>= net461) (>= netstandard2.0)
      System.Text.Encodings.Web (>= 4.4) - restriction: && (>= net461) (>= netstandard2.0)
    Microsoft.Extensions.Caching.Abstractions (2.0) - restriction: && (>= net461) (>= netstandard2.0)
      Microsoft.Extensions.Primitives (>= 2.0) - restriction: && (>= net461) (>= netstandard2.0)
    Microsoft.Extensions.Caching.Memory (2.0)
      Microsoft.Extensions.Caching.Abstractions (>= 2.0) - restriction: && (>= net461) (>= netstandard2.0)
      Microsoft.Extensions.DependencyInjection.Abstractions (>= 2.0) - restriction: && (>= net461) (>= netstandard2.0)
      Microsoft.Extensions.Options (>= 2.0) - restriction: && (>= net461) (>= netstandard2.0)
    Microsoft.Extensions.Configuration (2.0) - restriction: && (>= net461) (>= netstandard2.0)
      Microsoft.Extensions.Configuration.Abstractions (>= 2.0) - restriction: && (>= net461) (>= netstandard2.0)
    Microsoft.Extensions.Configuration.Abstractions (2.0) - restriction: && (>= net461) (>= netstandard2.0)
      Microsoft.Extensions.Primitives (>= 2.0) - restriction: && (>= net461) (>= netstandard2.0)
    Microsoft.Extensions.Configuration.Binder (2.0) - restriction: && (>= net461) (>= netstandard2.0)
      Microsoft.Extensions.Configuration (>= 2.0) - restriction: && (>= net461) (>= netstandard2.0)
    Microsoft.Extensions.Configuration.CommandLine (2.0) - restriction: && (>= net461) (>= netstandard2.0)
      Microsoft.Extensions.Configuration (>= 2.0) - restriction: && (>= net461) (>= netstandard2.0)
    Microsoft.Extensions.Configuration.EnvironmentVariables (2.0) - restriction: && (>= net461) (>= netstandard2.0)
      Microsoft.Extensions.Configuration (>= 2.0) - restriction: && (>= net461) (>= netstandard2.0)
    Microsoft.Extensions.Configuration.FileExtensions (2.0) - restriction: && (>= net461) (>= netstandard2.0)
      Microsoft.Extensions.Configuration (>= 2.0) - restriction: && (>= net461) (>= netstandard2.0)
      Microsoft.Extensions.FileProviders.Physical (>= 2.0) - restriction: && (>= net461) (>= netstandard2.0)
    Microsoft.Extensions.Configuration.Json (2.0) - restriction: && (>= net461) (>= netstandard2.0)
      Microsoft.Extensions.Configuration (>= 2.0) - restriction: && (>= net461) (>= netstandard2.0)
      Microsoft.Extensions.Configuration.FileExtensions (>= 2.0) - restriction: && (>= net461) (>= netstandard2.0)
      Newtonsoft.Json (>= 10.0.1) - restriction: && (>= net461) (>= netstandard2.0)
    Microsoft.Extensions.Configuration.UserSecrets (2.0) - restriction: && (>= net461) (>= netstandard2.0)
      Microsoft.Extensions.Configuration.Json (>= 2.0) - restriction: && (>= net461) (>= netstandard2.0)
    Microsoft.Extensions.DependencyInjection (2.0) - restriction: && (>= net461) (>= netstandard2.0)
      Microsoft.Extensions.DependencyInjection.Abstractions (>= 2.0) - restriction: && (>= net461) (>= netstandard2.0)
    Microsoft.Extensions.DependencyInjection.Abstractions (2.0) - restriction: && (>= net461) (>= netstandard2.0)
    Microsoft.Extensions.FileProviders.Abstractions (2.0) - restriction: && (>= net461) (>= netstandard2.0)
      Microsoft.Extensions.Primitives (>= 2.0) - restriction: && (>= net461) (>= netstandard2.0)
    Microsoft.Extensions.FileProviders.Physical (2.0) - restriction: && (>= net461) (>= netstandard2.0)
      Microsoft.Extensions.FileProviders.Abstractions (>= 2.0) - restriction: && (>= net461) (>= netstandard2.0)
      Microsoft.Extensions.FileSystemGlobbing (>= 2.0) - restriction: && (>= net461) (>= netstandard2.0)
    Microsoft.Extensions.FileSystemGlobbing (2.0) - restriction: && (>= net461) (>= netstandard2.0)
    Microsoft.Extensions.Hosting.Abstractions (2.0.1) - restriction: && (>= net461) (>= netstandard2.0)
    Microsoft.Extensions.Logging (2.0) - restriction: && (>= net461) (>= netstandard2.0)
      Microsoft.Extensions.DependencyInjection.Abstractions (>= 2.0) - restriction: && (>= net461) (>= netstandard2.0)
      Microsoft.Extensions.Logging.Abstractions (>= 2.0) - restriction: && (>= net461) (>= netstandard2.0)
      Microsoft.Extensions.Options (>= 2.0) - restriction: && (>= net461) (>= netstandard2.0)
    Microsoft.Extensions.Logging.Abstractions (2.0) - restriction: && (>= net461) (>= netstandard2.0)
    Microsoft.Extensions.Logging.Configuration (2.0) - restriction: && (>= net461) (>= netstandard2.0)
      Microsoft.Extensions.Logging (>= 2.0) - restriction: && (>= net461) (>= netstandard2.0)
      Microsoft.Extensions.Options.ConfigurationExtensions (>= 2.0) - restriction: && (>= net461) (>= netstandard2.0)
    Microsoft.Extensions.Logging.Console (2.0) - restriction: && (>= net461) (>= netstandard2.0)
      Microsoft.Extensions.Configuration.Abstractions (>= 2.0) - restriction: && (>= net461) (>= netstandard2.0)
      Microsoft.Extensions.Logging (>= 2.0) - restriction: && (>= net461) (>= netstandard2.0)
    Microsoft.Extensions.Logging.Debug (2.0) - restriction: && (>= net461) (>= netstandard2.0)
      Microsoft.Extensions.Logging (>= 2.0) - restriction: && (>= net461) (>= netstandard2.0)
    Microsoft.Extensions.ObjectPool (2.0) - restriction: && (>= net461) (>= netstandard2.0)
    Microsoft.Extensions.Options (2.0) - restriction: && (>= net461) (>= netstandard2.0)
      Microsoft.Extensions.DependencyInjection.Abstractions (>= 2.0) - restriction: && (>= net461) (>= netstandard2.0)
      Microsoft.Extensions.Primitives (>= 2.0) - restriction: && (>= net461) (>= netstandard2.0)
    Microsoft.Extensions.Options.ConfigurationExtensions (2.0) - restriction: && (>= net461) (>= netstandard2.0)
      Microsoft.Extensions.Configuration.Abstractions (>= 2.0) - restriction: && (>= net461) (>= netstandard2.0)
      Microsoft.Extensions.Configuration.Binder (>= 2.0) - restriction: && (>= net461) (>= netstandard2.0)
      Microsoft.Extensions.DependencyInjection.Abstractions (>= 2.0) - restriction: && (>= net461) (>= netstandard2.0)
      Microsoft.Extensions.Options (>= 2.0) - restriction: && (>= net461) (>= netstandard2.0)
    Microsoft.Extensions.Primitives (2.0) - restriction: && (>= net461) (>= netstandard2.0)
      System.Runtime.CompilerServices.Unsafe (>= 4.4) - restriction: && (>= net461) (>= netstandard2.0)
    Microsoft.Extensions.WebEncoders (2.0) - restriction: && (>= net461) (>= netstandard2.0)
      Microsoft.Extensions.DependencyInjection.Abstractions (>= 2.0) - restriction: && (>= net461) (>= netstandard2.0)
      Microsoft.Extensions.Options (>= 2.0) - restriction: && (>= net461) (>= netstandard2.0)
      System.Text.Encodings.Web (>= 4.4) - restriction: && (>= net461) (>= netstandard2.0)
    Microsoft.Net.Http.Headers (2.0.1) - restriction: && (>= net461) (>= netstandard2.0)
      Microsoft.Extensions.Primitives (>= 2.0) - restriction: && (>= net461) (>= netstandard2.0)
      System.Buffers (>= 4.4) - restriction: && (>= net461) (>= netstandard2.0)
    Microsoft.NETCore.Platforms (2.0.1) - restriction: && (>= net461) (>= netstandard2.0)
    Microsoft.Win32.Registry (4.4) - restriction: && (>= net461) (>= netstandard2.0)
      System.Security.AccessControl (>= 4.4)
      System.Security.Principal.Windows (>= 4.4)
    Newtonsoft.Json (10.0.3)
    System.Buffers (4.4) - restriction: && (>= net461) (>= netstandard2.0)
    System.Collections.Immutable (1.4) - restriction: && (>= net461) (>= netstandard2.0)
    System.Diagnostics.DiagnosticSource (4.4.1) - restriction: && (>= net461) (>= netstandard2.0)
    System.Numerics.Vectors (4.4) - restriction: && (>= net461) (>= netstandard2.0)
    System.Reflection.Metadata (1.5) - restriction: && (>= net461) (>= netstandard2.0)
      System.Collections.Immutable (>= 1.4)
    System.Runtime.CompilerServices.Unsafe (4.4) - restriction: && (>= net461) (>= netstandard2.0)
    System.Security.AccessControl (4.4.1) - restriction: || (&& (>= net461) (>= netcoreapp2.0)) (&& (>= net461) (>= netstandard2.0))
      System.Security.Principal.Windows (>= 4.4)
    System.Security.Cryptography.Xml (4.4.1) - restriction: && (>= net461) (>= netstandard2.0)
    System.Security.Principal.Windows (4.4.1) - restriction: || (&& (>= net461) (>= netcoreapp2.0)) (&& (>= net461) (>= netstandard2.0))
    System.Text.Encodings.Web (4.4) - restriction: && (>= net461) (>= netstandard2.0)
    System.Text.RegularExpressions (4.3)
    System.Threading.Tasks.Extensions (4.4) - restriction: && (>= net461) (>= netstandard2.0)
    System.ValueTuple (4.4)
    System.Xml.XmlSerializer (4.3)
GIT
  remote: https://github.com/Krzysztof-Cieslak/Giraffe
     (6671d3e1cbaae683a5ad19ab5af7e47b86beb3a3)
      build: powershell ./build.ps1 -Release -ExcludeTests -ExcludeSamples -Pack
      path: /src/Giraffe/bin/Release
      os: windows
     (6671d3e1cbaae683a5ad19ab5af7e47b86beb3a3)
      build: ./build.sh -Release -Pack
      path: /src/Giraffe/bin/Release
      os: mono